GEM
  remote: https://rubygems.org/
  specs:
    activesupport (7.0.2)
      concurrent-ruby (~> 1.0, >= 1.0.2)
      i18n (>= 1.6, < 2)
      minitest (>= 5.1)
      tzinfo (~> 2.0)
    byebug (11.1.3)
    concurrent-ruby (1.1.9)
    dotenv (2.7.6)
    i18n (1.9.1)
      concurrent-ruby (~> 1.0)
    minitest (5.14.2)
    rack (2.2.3)
    tzinfo (2.0.4)
      concurrent-ruby (~> 1.0)

PLATFORMS
  x86_64-darwin-19

DEPENDENCIES
  activesupport (~> 7.0)
  byebug (~> 11.1)
  dotenv (~> 2.7)
  rack (~> 2.2)

BUNDLED WITH
   2.3.7
