GEM
  remote: https://rubygems.org/
  specs:
    activesupport (7.0.2)
      concurrent-ruby (~> 1.0, >= 1.0.2)
      i18n (>= 1.6, < 2)
      minitest (>= 5.1)
      tzinfo (~> 2.0)
    byebug (11.1.3)
    concurrent-ruby (1.1.9)
    daemons (1.4.1)
    dotenv (2.7.6)
    eventmachine (1.2.7)
    i18n (1.9.1)
      concurrent-ruby (~> 1.0)
    minitest (5.14.2)
    mustermann (1.1.1)
      ruby2_keywords (~> 0.0.1)
    rack (2.2.3)
    rack-protection (2.2.0)
      rack
    ruby2_keywords (0.0.5)
    sinatra (2.2.0)
      mustermann (~> 1.0)
      rack (~> 2.2)
      rack-protection (= 2.2.0)
      tilt (~> 2.0)
    thin (1.8.1)
      daemons (~> 1.0, >= 1.0.9)
      eventmachine (~> 1.0, >= 1.0.4)
      rack (>= 1, < 3)
    tilt (2.0.10)
    tzinfo (2.0.4)
      concurrent-ruby (~> 1.0)

PLATFORMS
  x86_64-darwin-19

DEPENDENCIES
  activesupport (~> 7.0)
  byebug (~> 11.1)
  dotenv (~> 2.7)
  rack (~> 2.2)
  sinatra (~> 2.2)
  thin (~> 1.8)

BUNDLED WITH
   2.3.7
